GEM
  remote: https://rubygems.org/
  specs:
    gli (2.18.2)

PLATFORMS
  ruby

DEPENDENCIES
  gli (~> 2.18)

BUNDLED WITH
   2.0.2
